GEM
  remote: https://rubygems.org/
  specs:
    mixlib-versioning (1.0.0)

PLATFORMS
  ruby

DEPENDENCIES
  mixlib-versioning (~> 1.0.0)
